GEM
  remote: https://rubygems.org/
  specs:
    activesupport (6.0.3.6)

      i18n (>= 0.7, < 2)
      minitest (~> 5.1)
      tzinfo (~> 1.1)
      zeitwerk (~> 2.2, >= 2.2.2)

      public_suffix (>= 2.0.2, < 5.0)
    coffee-script (2.4.1)
      coffee-script-source
      execjs
    coffee-script-source (1.11.1)
    colorator (1.1.0)
    commonmarker (0.17.13)
      ruby-enum (~> 0.5)
    concurrent-ruby (1.1.8)
    dnsruby (1.61.5)
      simpleidn (~> 0.1)
    em-websocket (0.5.2)
      eventmachine (>= 0.12.9)
      http_parser.rb (~> 0.6.0)
    ethon (0.13.0)
      ffi (>= 1.15.0)
    eventmachine (1.2.7)
    execjs (2.7.0)
minima (2.5.1)
      jekyll (>= 3.5, < 5.0)
      jekyll-feed (~> 0.9)
      jekyll-seo-tag (~> 2.1)
    minitest (5.14.4)
    multipart-post (2.1.1)

    pathutil (0.16.2)
      forwardable-extended (~> 2.6)
    public_suffix (4.0.6)
    racc (1.5.2)
    rainbow (3.0.0)
    rb-fsevent (0.10.4)
    rb-inotify (0.10.1)
      ffi (~> 1.0)

    rouge (3.26.0)
    ruby-enum (0.9.0)
      i18n
    ruby2_keywords (0.0.4)
    rubyzip (2.3.0)
    safe_yaml (1.0.5)
    sass (3.7.4)
      sass-listen (~> 4.0.0)
    sass-listen (4.0.0)
      rb-fsevent (~> 0.9, >= 0.9.4)
      rb-inotify (~> 0.9, >= 0.9.7)
    sawyer (0.8.2)
      addressable (>= 2.3.5)
      faraday (> 0.8, < 2.0)
    simpleidn (0.2.1)
      unf (~> 0.1.4)
    terminal-table (1.8.0)
      unicode-display_width (~> 1.1, >= 1.1.1)
    thread_safe (0.3.6)
    typhoeus (1.4.0)
      ethon (>= 0.9.0)
    tzinfo (1.2.9)
      thread_safe (~> 0.1)
    unf (0.1.4)
      unf_ext
    unf_ext (0.0.7.7)
    unicode-display_width (1.7.0)

    zeitwerk (2.4.2)

PLATFORMS
  ruby

DEPENDENCIES
  github-pages (>= 207)
  html-proofer (>= 3.13.0)
  tzinfo-data

BUNDLED WITH
   2.2.9
